PATH
  remote: .
  specs:
    xpather (0.1.2)

GEM
  remote: http://rubygems.org/
  specs:
    rake (10.0.3)

PLATFORMS
  ruby

DEPENDENCIES
  rake (~> 10.0)
  xpather!
