PATH
  remote: .
  specs:
    xpather (0.1.2)

GEM
  remote: http://rubygems.org/
  specs:
    rake (13.0.1)

PLATFORMS
  ruby

DEPENDENCIES
  rake (>= 12.3.3)
  xpather!

BUNDLED WITH
   2.1.4
